PATH
  remote: .
  specs:
    find_identical (0.0.3)
      typhoeus (~> 1.3, >= 1.3.1)

GEM
  remote: https://rubygems.org/
  specs:
    ethon (0.12.0)
      ffi (>= 1.3.0)
    ffi (1.10.0)
    metaclass (0.0.4)
    minitest (5.11.3)
    mocha (1.8.0)
      metaclass (~> 0.0.1)
    typhoeus (1.3.1)
      ethon (>= 0.9.0)

PLATFORMS
  ruby

DEPENDENCIES
  find_identical!
  minitest (~> 5.11, >= 5.11.3)
  mocha (~> 1.8)

BUNDLED WITH
   1.16.2
